GEM
  remote: http://rubygems.org/
  specs:
    activesupport (5.1.4)
      concurrent-ruby (~> 1.0, >= 1.0.2)
      i18n (~> 0.7)
      minitest (~> 5.1)
      tzinfo (~> 1.1)
    addressable (2.5.1)
      public_suffix (~> 2.0, >= 2.0.2)
    coderay (1.1.1)
    concurrent-ruby (1.0.5)
    faraday (0.13.0)
      multipart-post (>= 1.2, < 3)
    graphql (1.7.3)
    graphql-client (0.12.1)
      activesupport (>= 3.0, < 6.0)
      graphql (~> 1.6)
    i18n (0.8.6)
    method_source (0.8.2)
    minitest (5.10.3)
    multipart-post (2.0.0)
    octokit (4.7.0)
      sawyer (~> 0.8.0, >= 0.5.3)
    pry (0.9.12.6)
      coderay (~> 1.0)
      method_source (~> 0.8)
      slop (~> 3.4)
    public_suffix (2.0.5)
    sawyer (0.8.1)
      addressable (>= 2.3.5, < 2.6)
      faraday (~> 0.8, < 1.0)
    slop (3.6.0)
    thread_safe (0.3.6)
    tzinfo (1.2.3)
      thread_safe (~> 0.1)

PLATFORMS
  ruby

DEPENDENCIES
  graphql-client
  octokit (~> 4.0)
  pry

BUNDLED WITH
   1.15.4
